GEM
  remote: https://rubygems.org/
  specs:
    dotenv (0.9.0)
    foreman (0.63.0)
      dotenv (>= 0.7)
      thor (>= 0.13.6)
    foreman-export-initscript (0.0.1)
      foreman
    thor (0.18.1)

PLATFORMS
  ruby

DEPENDENCIES
  foreman
  foreman-export-initscript
